GIT
  remote: git://github.com/LawrenceWoodman/mida.git
  revision: e00d93650d0caf89d3a72b5352ea09cabf0babde
  branch: master
  specs:
    mida (0.3.3)
      blankslate (= 2.1.2.4)
      nokogiri (>= 1.5)

GEM
  remote: https://rubygems.org/
  specs:
    blankslate (2.1.2.4)
    coderay (1.0.9)
    dalli (2.6.4)
    dotenv (0.9.0)
    erubis (2.7.0)
    foreman (0.63.0)
      dotenv (>= 0.7)
      thor (>= 0.13.6)
    method_source (0.8.2)
    mini_portile (0.5.1)
    nokogiri (1.6.0)
      mini_portile (~> 0.5.0)
    pry (0.9.12.2)
      coderay (~> 1.0.5)
      method_source (~> 0.8)
      slop (~> 3.4)
    pry-doc (0.4.6)
      pry (>= 0.9)
      yard (>= 0.8)
    pry-remote (0.1.7)
      pry (~> 0.9)
      slop (~> 3.0)
    puma (2.5.1)
      rack (>= 1.1, < 2.0)
    rack (1.5.2)
    rack-protection (1.5.0)
      rack
    sinatra (1.4.3)
      rack (~> 1.4)
      rack-protection (~> 1.4)
      tilt (~> 1.3, >= 1.3.4)
    slop (3.4.6)
    thor (0.18.1)
    tilt (1.4.1)
    yard (0.8.7)

PLATFORMS
  ruby

DEPENDENCIES
  dalli
  erubis
  foreman
  mida!
  pry
  pry-doc
  pry-remote
  puma
  sinatra
